PATH
  remote: .
  specs:
    unicons (0.0.2)

GEM
  remote: https://rubygems.org/
  specs:
    ffi (1.13.1)
    fontcustom (2.0.0)
      json (~> 1.4)
      listen (>= 1.0, < 4.0)
      thor (~> 0.14)
    json (1.8.6)
    listen (3.2.1)
      rb-fsevent (~> 0.10, >= 0.10.3)
      rb-inotify (~> 0.9, >= 0.9.10)
    rake (13.0.1)
    rb-fsevent (0.10.4)
    rb-inotify (0.10.1)
      ffi (~> 1.0)
    thor (0.20.3)

PLATFORMS
  ruby

DEPENDENCIES
  bundler (~> 2.0)
  fontcustom
  rake
  unicons!

BUNDLED WITH
   2.1.4
